GEM
  remote: https://rubygems.org/
  specs:
    activesupport (3.2.18)
      i18n (~> 0.6, >= 0.6.4)
      multi_json (~> 1.0)
    diff-lcs (1.2.5)
    erubis (2.7.0)
    http_router (0.11.1)
      rack (>= 1.0.0)
      url_mount (~> 0.2.1)
    i18n (0.6.9)
    json (1.8.1)
    mail (2.5.4)
      mime-types (~> 1.16)
      treetop (~> 1.4.8)
    mime-types (1.25.1)
    multi_json (1.10.1)
    padrino (0.11.4)
      padrino-admin (= 0.11.4)
      padrino-cache (= 0.11.4)
      padrino-core (= 0.11.4)
      padrino-gen (= 0.11.4)
      padrino-helpers (= 0.11.4)
      padrino-mailer (= 0.11.4)
    padrino-admin (0.11.4)
      padrino-core (= 0.11.4)
      padrino-helpers (= 0.11.4)
    padrino-cache (0.11.4)
      padrino-core (= 0.11.4)
      padrino-helpers (= 0.11.4)
    padrino-core (0.11.4)
      activesupport (>= 3.1, < 4.0)
      http_router (~> 0.11.0)
      rack-protection (>= 1.5.0)
      sinatra (~> 1.4.2)
      thor (~> 0.17.0)
      tilt (~> 1.4.1)
    padrino-gen (0.11.4)
      bundler (~> 1.0)
      padrino-core (= 0.11.4)
    padrino-helpers (0.11.4)
      i18n (~> 0.6)
      padrino-core (= 0.11.4)
    padrino-mailer (0.11.4)
      mail (~> 2.5.3)
      padrino-core (= 0.11.4)
    pathy (0.0.4)
      json (~> 1.4)
    polyglot (0.3.5)
    rack (1.5.2)
    rack-protection (1.5.3)
      rack
    rack-test (0.6.2)
      rack (>= 1.0)
    rake (10.3.2)
    rspec (2.14.1)
      rspec-core (~> 2.14.0)
      rspec-expectations (~> 2.14.0)
      rspec-mocks (~> 2.14.0)
    rspec-core (2.14.8)
    rspec-expectations (2.14.5)
      diff-lcs (>= 1.1.3, < 2.0)
    rspec-mocks (2.14.6)
    sinatra (1.4.5)
      rack (~> 1.4)
      rack-protection (~> 1.4)
      tilt (~> 1.3, >= 1.3.4)
    thor (0.17.0)
    tilt (1.4.1)
    treetop (1.4.15)
      polyglot
      polyglot (>= 0.3.1)
    url_mount (0.2.1)
      rack

PLATFORMS
  ruby

DEPENDENCIES
  erubis
  json
  padrino (~> 0.11.4)
  pathy
  rack-test
  rake
  rspec (~> 2.14.1)
